PATH
  remote: .
  specs:
    acme-pki (0.1.5)
      acme-client (~> 2.0.5)
      colorize (~> 0.8.1)
      faraday_middleware (~> 0.13.1)
      simpleidn (~> 0.1.1)

GEM
  remote: https://rubygems.org/
  specs:
    acme-client (2.0.5)
      faraday (~> 0.9, >= 0.9.1)
    awesome_print (1.8.0)
    byebug (11.0.1)
    coderay (1.1.2)
    colorize (0.8.1)
    faraday (0.17.0)
      multipart-post (>= 1.2, < 3)
    faraday_middleware (0.13.1)
      faraday (>= 0.7.4, < 1.0)
    method_source (0.9.2)
    multipart-post (2.1.1)
    pry (0.12.2)
      coderay (~> 1.1.0)
      method_source (~> 0.9.0)
    pry-byebug (3.7.0)
      byebug (~> 11.0)
      pry (~> 0.10)
    simpleidn (0.1.1)
      unf (~> 0.1.4)
    unf (0.1.4)
      unf_ext
    unf_ext (0.0.7.6)

PLATFORMS
  ruby

DEPENDENCIES
  acme-pki!
  awesome_print (~> 1.8.0)
  bundler (~> 2.0.2)
  pry-byebug (~> 3.7.0)

BUNDLED WITH
   2.0.2
