PATH
  remote: .
  specs:
    acme-pki (0.2.3)
      acme-client (~> 2.0)
      colorize (~> 0.8)
      faraday_middleware (~> 0.13)
      simpleidn (~> 0.1)

GEM
  remote: https://rubygems.org/
  specs:
    acme-client (2.0.6)
      faraday (>= 0.17, < 2.0.0)
    awesome_print (1.8.0)
    byebug (11.1.3)
    coderay (1.1.2)
    colorize (0.8.1)
    faraday (0.17.3)
      multipart-post (>= 1.2, < 3)
    faraday_middleware (0.14.0)
      faraday (>= 0.7.4, < 1.0)
    method_source (1.0.0)
    multipart-post (2.1.1)
    pry (0.13.1)
      coderay (~> 1.1)
      method_source (~> 1.0)
    pry-byebug (3.9.0)
      byebug (~> 11.0)
      pry (~> 0.13.0)
    simpleidn (0.1.1)
      unf (~> 0.1.4)
    unf (0.1.4)
      unf_ext
    unf_ext (0.0.7.7)

PLATFORMS
  ruby

DEPENDENCIES
  acme-pki!
  awesome_print (~> 1.8)
  bundler (~> 2.0)
  pry-byebug (~> 3.7)

BUNDLED WITH
   2.1.4
